GEM
  remote: https://rubygems.org/
  specs:
    bourbon (3.2.3)
      sass (~> 3.2)
      thor
    chunky_png (1.3.1)
    compass (0.12.4)
      chunky_png (~> 1.2)
      fssm (>= 0.2.7)
      sass (~> 3.2.17)
    fssm (0.2.10)
    sass (3.2.18)
    sass-globbing (1.1.0)
      sass (>= 3.1)
    susy (1.0.5)
      compass (>= 0.12.2)
      sass (>= 3.2.0)
    thor (0.19.1)

PLATFORMS
  ruby

DEPENDENCIES
  bourbon
  compass (= 0.12.4)
  sass (= 3.2.18)
  sass-globbing (= 1.1.0)
  susy (= 1.0.5)
